GEM
  remote: https://rubygems.org/
  specs:
    activesupport (5.2.4.3)
      concurrent-ruby (~> 1.0, >= 1.0.2)
      i18n (>= 0.7, < 2)
      minitest (~> 5.1)
      tzinfo (~> 1.1)
    addressable (2.7.0)
      public_suffix (>= 2.0.2, < 5.0)
    asciidoctor (1.5.8)
    asciidoctor-rouge (0.4.0)
      asciidoctor (>= 1.5.6, < 2.1)
      rouge (>= 2.2, < 4)
    backports (3.17.2)
    builder (3.2.4)
    bump (0.5.4)
    colorator (1.1.0)
    concurrent-ruby (1.1.6)
    contracts (0.13.0)
    date (2.0.0)
    domain_name (0.5.20190701)
      unf (>= 0.0.5, < 1.0.0)
    dotenv (2.7.5)
    em-websocket (0.5.1)
      eventmachine (>= 0.12.9)
      http_parser.rb (~> 0.6.0)
    erubis (2.7.0)
    eventmachine (1.2.7)
    execjs (2.7.0)
    faraday (1.0.1)
      multipart-post (>= 1.2, < 3)
    fast_blank (1.0.0)
    fastimage (2.1.7)
    ffi (1.13.1)
    forwardable-extended (2.6.0)
    hamster (3.0.0)
      concurrent-ruby (~> 1.0)
    hashie (3.6.0)
    htmlbeautifier (1.3.1)
    http-accept (1.7.0)
    http-cookie (1.0.3)
      domain_name (~> 0.5)
    http_parser.rb (0.6.0)
    i18n (0.9.5)
      concurrent-ruby (~> 1.0)
    j1-paginator (2020.0.1)
      jekyll (>= 3.0, <= 4.0)
    j1-template (2020.0.0)
      colorator (~> 1.0)
      date (~> 2.0)
      dotenv (~> 2.0)
      jekyll (>= 3.6, < 5.0)
      log4r (~> 1.1.10)
      mercenary (~> 0.3)
      omniauth (~> 1.3)
      omniauth-oauth2 (~> 1.4)
      rack (~> 2.0, >= 2.0.8)
      rack-protection (~> 2.0)
      rack-ssl-enforcer (~> 0.2)
      rest-client (~> 2.0)
      sinatra (~> 2.0)
      uuid (~> 2.3, >= 2.3.8)
      warden (~> 1.2)
    jekyll (4.0.0)
      addressable (~> 2.4)
      colorator (~> 1.0)
      em-websocket (~> 0.5)
      i18n (>= 0.9.5, < 2)
      jekyll-sass-converter (~> 2.0)
      jekyll-watch (~> 2.0)
      kramdown (~> 2.1)
      kramdown-parser-gfm (~> 1.0)
      liquid (~> 4.0)
      mercenary (~> 0.3.3)
      pathutil (~> 0.9)
      rouge (~> 3.0)
      safe_yaml (~> 1.0)
      terminal-table (~> 1.8)
    jekyll-asciidoc (3.0.0)
      asciidoctor (>= 1.5.0)
      jekyll (>= 3.0.0)
    jekyll-sass-converter (2.1.0)
      sassc (> 2.0.1, < 3.0)
    jekyll-watch (2.2.1)
      listen (~> 3.0)
    jwt (2.2.1)
    kramdown (2.2.1)
      rexml
    kramdown-parser-gfm (1.1.0)
      kramdown (~> 2.0)
    liquid (4.0.3)
    listen (3.0.8)
      rb-fsevent (~> 0.9, >= 0.9.4)
      rb-inotify (~> 0.9, >= 0.9.7)
    log4r (1.1.10)
    macaddr (1.7.2)
      systemu (~> 2.6.5)
    memoist (0.16.2)
    mercenary (0.3.6)
    middleman-core (4.3.7)
      activesupport (>= 4.2, < 6.0)
      addressable (~> 2.3)
      backports (~> 3.6)
      bundler
      contracts (~> 0.13.0)
      dotenv
      erubis
      execjs (~> 2.0)
      fast_blank
      fastimage (~> 2.0)
      hamster (~> 3.0)
      hashie (~> 3.4)
      i18n (~> 0.9.0)
      listen (~> 3.0.0)
      memoist (~> 0.14)
      padrino-helpers (~> 0.13.0)
      parallel
      rack (>= 1.4.5, < 3)
      sassc (~> 2.0)
      servolux
      tilt (~> 2.0.9)
      uglifier (~> 3.0)
    mime-types (3.3.1)
      mime-types-data (~> 3.2015)
    mime-types-data (3.2020.0512)
    mini_portile2 (2.4.0)
    minitest (5.14.1)
    multi_json (1.14.1)
    multi_xml (0.6.0)
    multipart-post (2.1.1)
    mustermann (1.1.1)
      ruby2_keywords (~> 0.0.1)
    netrc (0.11.0)
    nio4r (2.5.2)
    nokogiri (1.10.9)
      mini_portile2 (~> 2.4.0)
    nokogiri-pretty (0.1.0)
      nokogiri
    oauth2 (1.4.4)
      faraday (>= 0.8, < 2.0)
      jwt (>= 1.0, < 3.0)
      multi_json (~> 1.3)
      multi_xml (~> 0.5)
      rack (>= 1.2, < 3)
    omniauth (1.9.1)
      hashie (>= 3.4.6)
      rack (>= 1.6.2, < 3)
    omniauth-oauth2 (1.6.0)
      oauth2 (~> 1.1)
      omniauth (~> 1.9)
    padrino-helpers (0.13.3.4)
      i18n (~> 0.6, >= 0.6.7)
      padrino-support (= 0.13.3.4)
      tilt (>= 1.4.1, < 3)
    padrino-support (0.13.3.4)
      activesupport (>= 3.1)
    parallel (1.19.1)
    pathutil (0.16.2)
      forwardable-extended (~> 2.6)
    public_suffix (4.0.5)
    puma (4.3.5)
      nio4r (~> 2.0)
    rack (2.2.2)
    rack-protection (2.0.8.1)
      rack
    rack-ssl-enforcer (0.2.9)
    rake (12.3.3)
    rb-fsevent (0.10.4)
    rb-inotify (0.10.1)
      ffi (~> 1.0)
    rest-client (2.1.0)
      http-accept (>= 1.7.0, < 2.0)
      http-cookie (>= 1.0.2, < 2.0)
      mime-types (>= 1.16, < 4.0)
      netrc (~> 0.8)
    rexml (3.2.4)
    rouge (3.20.0)
    ruby2_keywords (0.0.2)
    safe_yaml (1.0.5)
    sass (3.5.7)
      sass-listen (~> 4.0.0)
    sass-listen (4.0.0)
      rb-fsevent (~> 0.9, >= 0.9.4)
      rb-inotify (~> 0.9, >= 0.9.7)
    sassc (2.4.0)
      ffi (~> 1.9)
    scss_lint (0.56.0)
      rake (>= 0.9, < 13)
      sass (~> 3.5.3)
    servolux (0.13.0)
    sinatra (2.0.8.1)
      mustermann (~> 1.0)
      rack (~> 2.0)
      rack-protection (= 2.0.8.1)
      tilt (~> 2.0)
    systemu (2.6.5)
    terminal-table (1.8.0)
      unicode-display_width (~> 1.1, >= 1.1.1)
    thread_safe (0.3.6)
    tilt (2.0.10)
    tzinfo (1.2.7)
      thread_safe (~> 0.1)
    tzinfo-data (1.2020.1)
      tzinfo (>= 1.0.0)
    uglifier (3.2.0)
      execjs (>= 0.3.0, < 3)
    unf (0.1.4)
      unf_ext
    unf_ext (0.0.7.7)
    unicode-display_width (1.7.0)
    uuid (2.3.9)
      macaddr (~> 1.0)
    warden (1.2.8)
      rack (>= 2.0.6)
    wdm (0.1.1)

PLATFORMS
  ruby

DEPENDENCIES
  asciidoctor (= 1.5.8)
  asciidoctor-rouge (>= 0.3)
  builder (~> 3.2)
  bump (~> 0.5.4)
  date (~> 2.0)
  htmlbeautifier (>= 1.2.1)
  j1-paginator (>= 2019.1.0)
  j1-template (~> 2020.0.0)
  jekyll (~> 4.0)
  jekyll-asciidoc (>= 2.1.0)
  jekyll-sass-converter (>= 1.5.1)
  log4r (~> 1.1.10)
  middleman-core (~> 4.2, >= 4.2.1)
  nokogiri (>= 1.10.3)
  nokogiri-pretty (>= 0.1.0)
  puma (>= 4.3.1)
  rouge (~> 3.3)
  sass (~> 3.5.0)
  scss_lint (~> 0.56.0)
  tzinfo (>= 1.2.2)
  tzinfo-data
  uuid (~> 2.3, >= 2.3.8)
  wdm (>= 0.1.1)

RUBY VERSION
   ruby 2.6.5p114

BUNDLED WITH
   2.0.2
