GEM
  remote: https://rubygems.org/
  specs:
    addressable (2.7.0)
      public_suffix (>= 2.0.2, < 5.0)
    asciidoctor (1.5.8)
    asciidoctor-rouge (0.4.0)
      asciidoctor (>= 1.5.6, < 2.1)
      rouge (>= 2.2, < 4)
    builder (3.2.4)
    bump (0.10.0)
    colorator (1.1.0)
    concurrent-ruby (1.1.7)
    date (2.0.0)
    domain_name (0.5.20190701)
      unf (>= 0.0.5, < 1.0.0)
    em-websocket (0.5.2)
      eventmachine (>= 0.12.9)
      http_parser.rb (~> 0.6.0)
    eventmachine (1.2.7-x64-mingw32)
    execjs (2.7.0)
    faraday (1.3.0)
      faraday-net_http (~> 1.0)
      multipart-post (>= 1.2, < 3)
      ruby2_keywords
    faraday-net_http (1.0.0)
    ffi (1.14.2-x64-mingw32)
    forwardable-extended (2.6.0)
    hashie (4.1.0)
    htmlbeautifier (1.3.1)
    http-accept (1.7.0)
    http-cookie (1.0.3)
      domain_name (~> 0.5)
    http_parser.rb (0.6.0)
    i18n (1.8.7)
      concurrent-ruby (~> 1.0)
    j1-paginator (2020.0.3)
      jekyll (> 3.0)
    j1-template (2021.0.0)
      bump (~> 0.8)
      colorator (~> 1.0)
      date (~> 2.0)
      jekyll (>= 3.6, < 5.0)
      log4r (~> 1.1, >= 1.1.10)
      mercenary (~> 0.4)
      omniauth (~> 1.3)
      omniauth-oauth2 (~> 1.4)
      pathutil (~> 0.16)
      rack (~> 2.0, >= 2.0.8)
      rack-protection (~> 2.0)
      rack-ssl-enforcer (~> 0.2)
      rest-client (~> 2.0)
      sinatra (~> 2.0)
      uuid (~> 2.3, >= 2.3.8)
      warden (~> 1.2)
    jekyll (4.2.0)
      addressable (~> 2.4)
      colorator (~> 1.0)
      em-websocket (~> 0.5)
      i18n (~> 1.0)
      jekyll-sass-converter (~> 2.0)
      jekyll-watch (~> 2.0)
      kramdown (~> 2.3)
      kramdown-parser-gfm (~> 1.0)
      liquid (~> 4.0)
      mercenary (~> 0.4.0)
      pathutil (~> 0.9)
      rouge (~> 3.0)
      safe_yaml (~> 1.0)
      terminal-table (~> 2.0)
    jekyll-asciidoc (3.0.0)
      asciidoctor (>= 1.5.0)
      jekyll (>= 3.0.0)
    jekyll-sass-converter (2.1.0)
      sassc (> 2.0.1, < 3.0)
    jekyll-watch (2.2.1)
      listen (~> 3.0)
    json (2.5.1)
    json-minify (0.0.3)
      json (> 0)
    jwt (2.2.2)
    kramdown (2.3.0)
      rexml
    kramdown-parser-gfm (1.1.0)
      kramdown (~> 2.0)
    liquid (4.0.3)
    listen (3.4.0)
      rb-fsevent (~> 0.10, >= 0.10.3)
      rb-inotify (~> 0.9, >= 0.9.10)
    log4r (1.1.10)
    macaddr (1.7.2)
      systemu (~> 2.6.5)
    mercenary (0.4.0)
    mime-types (3.3.1)
      mime-types-data (~> 3.2015)
    mime-types-data (3.2020.1104)
    multi_json (1.15.0)
    multi_xml (0.6.0)
    multipart-post (2.1.1)
    mustermann (1.1.1)
      ruby2_keywords (~> 0.0.1)
    netrc (0.11.0)
    nio4r (2.5.4)
    nokogiri (1.11.1-x64-mingw32)
      racc (~> 1.4)
    nokogiri-pretty (0.1.0)
      nokogiri
    oauth2 (1.4.4)
      faraday (>= 0.8, < 2.0)
      jwt (>= 1.0, < 3.0)
      multi_json (~> 1.3)
      multi_xml (~> 0.5)
      rack (>= 1.2, < 3)
    omniauth (1.9.1)
      hashie (>= 3.4.6)
      rack (>= 1.6.2, < 3)
    omniauth-oauth2 (1.7.0)
      oauth2 (~> 1.4)
      omniauth (~> 1.9)
    pathutil (0.16.2)
      forwardable-extended (~> 2.6)
    public_suffix (4.0.6)
    puma (5.1.1)
      nio4r (~> 2.0)
    racc (1.5.2)
    rack (2.2.3)
    rack-protection (2.1.0)
      rack
    rack-ssl-enforcer (0.2.9)
    rake (12.3.3)
    rb-fsevent (0.10.4)
    rb-inotify (0.10.1)
      ffi (~> 1.0)
    rest-client (2.1.0-x64-mingw32)
      ffi (~> 1.9)
      http-accept (>= 1.7.0, < 2.0)
      http-cookie (>= 1.0.2, < 2.0)
      mime-types (>= 1.16, < 4.0)
      netrc (~> 0.8)
    rexml (3.2.4)
    rouge (3.26.0)
    ruby2_keywords (0.0.2)
    safe_yaml (1.0.5)
    sass (3.5.7)
      sass-listen (~> 4.0.0)
    sass-listen (4.0.0)
      rb-fsevent (~> 0.9, >= 0.9.4)
      rb-inotify (~> 0.9, >= 0.9.7)
    sassc (2.4.0-x64-mingw32)
      ffi (~> 1.9)
    scss_lint (0.56.0)
      rake (>= 0.9, < 13)
      sass (~> 3.5.3)
    sinatra (2.1.0)
      mustermann (~> 1.0)
      rack (~> 2.2)
      rack-protection (= 2.1.0)
      tilt (~> 2.0)
    sinatra-cross_origin (0.3.2)
    systemu (2.6.5)
    terminal-table (2.0.0)
      unicode-display_width (~> 1.1, >= 1.1.1)
    tilt (2.0.10)
    tzinfo (2.0.4)
      concurrent-ruby (~> 1.0)
    tzinfo-data (1.2020.6)
      tzinfo (>= 1.0.0)
    uglifier (4.2.0)
      execjs (>= 0.3.0, < 3)
    unf (0.1.4)
      unf_ext
    unf_ext (0.0.7.7-x64-mingw32)
    unicode-display_width (1.7.0)
    uuid (2.3.9)
      macaddr (~> 1.0)
    warden (1.2.9)
      rack (>= 2.0.9)
    wdm (0.1.1)

PLATFORMS
  x64-mingw32

DEPENDENCIES
  asciidoctor (= 1.5.8)
  asciidoctor-rouge (>= 0.3)
  builder (~> 3.2)
  bump (~> 0.8)
  date (~> 2.0)
  execjs (~> 2.7)
  htmlbeautifier (>= 1.2.1)
  j1-paginator (>= 2020.0.2)
  j1-template (= 2021.0.0)
  jekyll (~> 4.2)
  jekyll-asciidoc (>= 2.1.0)
  jekyll-sass-converter (>= 1.5.1)
  json-minify (~> 0.0.3)
  log4r (~> 1.1.10)
  nokogiri (>= 1.10.3)
  nokogiri-pretty (>= 0.1.0)
  omniauth (>= 1.3.0)
  omniauth-oauth2 (~> 1.4)
  puma (>= 4.3.1)
  rack (~> 2.2, >= 2.2.3)
  rack-protection (~> 2.0)
  rack-ssl-enforcer (~> 0.2)
  rest-client (~> 2.0)
  rouge (~> 3.3)
  sass (~> 3.5.0)
  scss_lint (~> 0.56.0)
  sinatra (~> 2.0)
  sinatra-cross_origin (~> 0.3.1)
  tzinfo (>= 1.2.2)
  tzinfo-data
  uglifier (~> 4.2)
  uuid (~> 2.3, >= 2.3.8)
  warden (~> 1.2)
  wdm (>= 0.1.1)

RUBY VERSION
   ruby 2.6.6p146

BUNDLED WITH
   2.2.4
